GEM
  remote: https://rubygems.org/
  specs:
    activemodel (6.0.0)
      activesupport (= 6.0.0)
    activerecord (6.0.0)
      activemodel (= 6.0.0)
      activesupport (= 6.0.0)
    activesupport (6.0.0)
      concurrent-ruby (~> 1.0, >= 1.0.2)
      i18n (>= 0.7, < 2)
      minitest (~> 5.1)
      tzinfo (~> 1.1)
      zeitwerk (~> 2.1, >= 2.1.8)
    addressable (2.7.0)
      public_suffix (>= 2.0.2, < 5.0)
    backports (3.15.0)
    bcrypt (3.1.13)
    bcrypt-ruby (3.1.5)
      bcrypt (>= 3.1.3)
    capybara (3.29.0)
      addressable
      mini_mime (>= 0.1.3)
      nokogiri (~> 1.8)
      rack (>= 1.6.0)
      rack-test (>= 0.6.3)
      regexp_parser (~> 1.5)
      xpath (~> 3.2)
    coderay (1.1.2)
    concurrent-ruby (1.1.5)
    database_cleaner (1.4.1)
    diff-lcs (1.3)
    factory_girl (4.9.0)
      activesupport (>= 3.0.0)
    faker (2.6.0)
      i18n (>= 1.6, < 1.8)
    i18n (1.7.0)
      concurrent-ruby (~> 1.0)
    method_source (0.9.2)
    mini_mime (1.0.2)
    mini_portile2 (2.8.0)
    minitest (5.12.2)
    multi_json (1.14.1)
    mustermann (1.0.3)
    nokogiri (1.13.4)
      mini_portile2 (~> 2.8.0)
      racc (~> 1.4)
    pg (1.1.4)
    pry (0.12.2)
      coderay (~> 1.1.0)
      method_source (~> 0.9.0)
    public_suffix (4.0.1)
    racc (1.6.0)
    rack (2.0.7)
    rack-protection (2.0.7)
      rack
    rack-test (1.1.0)
      rack (>= 1.0, < 3)
    rake (13.0.0)
    regexp_parser (1.6.0)
    rspec (3.9.0)
      rspec-core (~> 3.9.0)
      rspec-expectations (~> 3.9.0)
      rspec-mocks (~> 3.9.0)
    rspec-core (3.9.0)
      rspec-support (~> 3.9.0)
    rspec-expectations (3.9.0)
      diff-lcs (>= 1.2.0, < 2.0)
      rspec-support (~> 3.9.0)
    rspec-mocks (3.9.0)
      diff-lcs (>= 1.2.0, < 2.0)
      rspec-support (~> 3.9.0)
    rspec-support (3.9.0)
    shotgun (0.9.2)
      rack (>= 1.0)
    shoulda-matchers (4.1.2)
      activesupport (>= 4.2.0)
    sinatra (2.0.7)
      mustermann (~> 1.0)
      rack (~> 2.0)
      rack-protection (= 2.0.7)
      tilt (~> 2.0)
    sinatra-contrib (2.0.7)
      backports (>= 2.8.2)
      multi_json
      mustermann (~> 1.0)
      rack-protection (= 2.0.7)
      sinatra (= 2.0.7)
      tilt (~> 2.0)
    thread_safe (0.3.6)
    tilt (2.0.10)
    tzinfo (1.2.5)
      thread_safe (~> 0.1)
    xpath (3.2.0)
      nokogiri (~> 1.8)
    zeitwerk (2.2.0)

PLATFORMS
  ruby

DEPENDENCIES
  activerecord
  activesupport
  bcrypt-ruby
  capybara
  database_cleaner (~> 1.4.1)
  factory_girl
  faker
  pg
  pry
  rack-test
  rake
  rspec
  shotgun
  shoulda-matchers
  sinatra
  sinatra-contrib

BUNDLED WITH
   1.17.2
